PATH
  remote: .
  specs:
    slowcat (0.1.0)

GEM
  remote: https://rubygems.org/
  specs:

PLATFORMS
  ruby

DEPENDENCIES
  bundler (~> 1.17)
  slowcat!

BUNDLED WITH
   1.17.1
